PATH
  remote: .
  specs:
    embulk-plugin-redis-url (0.3.0)
      redis (>= 3.0.5)

GEM
  remote: http://rubygems.org/
  specs:
    rake (10.4.2)
    redis (3.0.7)

PLATFORMS
  ruby

DEPENDENCIES
  bundler (~> 1.0)
  embulk-plugin-redis-url!
  rake (>= 0.9.2)

BUNDLED WITH
   1.11.2
