PATH
  remote: .
  specs:
    embulk-plugin-redis (0.1.0)
      redis (>= 3.0.5)

GEM
  remote: http://rubygems.org/
  specs:
    rake (10.4.2)
    redis (3.0.7)

PLATFORMS
  ruby

DEPENDENCIES
  bundler (~> 1.0)
  embulk-plugin-redis!
  rake (>= 0.9.2)
